GEM
  remote: https://rubygems.org/
  specs:
    ruby-graphviz (1.0.9)

PLATFORMS
  ruby

DEPENDENCIES
  ruby-graphviz
